GEM
  remote: http://rubygems.org/
  specs:
    activemodel (3.0.9)
      activesupport (= 3.0.9)
      builder (~> 2.1.2)
      i18n (~> 0.5.0)
    activerecord (3.0.9)
      activemodel (= 3.0.9)
      activesupport (= 3.0.9)
      arel (~> 2.0.10)
      tzinfo (~> 0.3.23)
    activesupport (3.0.9)
    arel (2.0.10)
    authlogic (3.0.3)
      activerecord (>= 3.0.7)
      activerecord (>= 3.0.7)
    builder (2.1.2)
    daemons (1.1.4)
    erubis (2.7.0)
    eventmachine (0.12.10)
    i18n (0.5.0)
    mysql2 (0.2.11)
    rack (1.3.1)
    rack-flash (0.1.2)
      rack
    rake (0.9.2)
    sinatra (1.2.6)
      rack (~> 1.1)
      tilt (< 2.0, >= 1.2.2)
    thin (1.2.11)
      daemons (>= 1.0.9)
      eventmachine (>= 0.12.6)
      rack (>= 1.0.0)
    tilt (1.3.2)
    tzinfo (0.3.29)

PLATFORMS
  ruby

DEPENDENCIES
  activerecord (~> 3.0.7)
  authlogic (~> 3.0.3)
  erubis (~> 2.7.0)
  mysql2 (~> 0.2.7)
  rack-flash (~> 0.1.2)
  rake
  sinatra (~> 1.2.6)
  thin (~> 1.2.11)
